GEM
  specs:
    activesupport (7.0.4)
      concurrent-ruby (~> 1.0, >= 1.0.2)
      i18n (>= 1.6, < 2)
      minitest (>= 5.1)
      tzinfo (~> 2.0)
    addressable (2.8.1)
      public_suffix (>= 2.0.2, < 6.0)
    atlassian-jwt (0.2.1)
      jwt (~> 2.1)
    concurrent-ruby (1.1.10)
    git (1.12.0)
      addressable (~> 2.8)
      rchardet (~> 1.8)
    hashie (5.0.0)
    i18n (1.12.0)
      concurrent-ruby (~> 1.0)
    jira-ruby (2.2.0)
      activesupport
      atlassian-jwt
      multipart-post
      oauth (~> 0.5, >= 0.5.0)
    jwt (2.5.0)
    minitest (5.16.3)
    multipart-post (2.2.3)
    oauth (0.6.2)
      snaky_hash (~> 2.0)
      version_gem (~> 1.1)
    public_suffix (5.0.0)
    rchardet (1.8.0)
    snaky_hash (2.0.1)
      hashie
      version_gem (~> 1.1, >= 1.1.1)
    tzinfo (2.0.5)
      concurrent-ruby (~> 1.0)
    version_gem (1.1.1)

PLATFORMS
  arm64-darwin-22

DEPENDENCIES
  git (~> 1.12)
  jira-ruby (~> 2.2.0)

BUNDLED WITH
   2.3.26
